GEM
  remote: https://rubygems.org/
  specs:
    diff-lcs (1.2.4)
    grit (2.5.0)
      diff-lcs (~> 1.1)
      mime-types (~> 1.15)
      posix-spawn (~> 0.3.6)
    haml (4.0.2)
      tilt
    mime-types (1.23)
    posix-spawn (0.3.6)
    rack (1.5.2)
    rack-protection (1.5.0)
      rack
    rdiscount (2.0.7.2)
    sinatra (1.4.2)
      rack (~> 1.5, >= 1.5.2)
      rack-protection (~> 1.4)
      tilt (~> 1.3, >= 1.3.4)
    tilt (1.4.0)

PLATFORMS
  ruby

DEPENDENCIES
  grit
  haml
  rdiscount
  sinatra
